PATH
  remote: .
  specs:
    dash_timeline_validator (0.1.2)
      awesome_print (~> 1.8.0)
      iso8601 (~> 0.10.1)
      ox (~> 2.9.0)

GEM
  remote: https://rubygems.org/
  specs:
    awesome_print (1.8.0)
    diff-lcs (1.3)
    iso8601 (0.10.1)
    ox (2.9.4)
    rake (10.5.0)
    rspec (3.8.0)
      rspec-core (~> 3.8.0)
      rspec-expectations (~> 3.8.0)
      rspec-mocks (~> 3.8.0)
    rspec-core (3.8.0)
      rspec-support (~> 3.8.0)
    rspec-expectations (3.8.2)
      diff-lcs (>= 1.2.0, < 2.0)
      rspec-support (~> 3.8.0)
    rspec-mocks (3.8.0)
      diff-lcs (>= 1.2.0, < 2.0)
      rspec-support (~> 3.8.0)
    rspec-support (3.8.0)

PLATFORMS
  ruby

DEPENDENCIES
  bundler (~> 2.0)
  dash_timeline_validator!
  rake (~> 10.0)
  rspec (~> 3.0)

BUNDLED WITH
   2.0.1
